GEM
  remote: https://rubygems.org/
  specs:
    activesupport (4.1.6)
      i18n (~> 0.6, >= 0.6.9)
      json (~> 1.7, >= 1.7.7)
      minitest (~> 5.1)
      thread_safe (~> 0.1)
      tzinfo (~> 1.1)
    byebug (2.7.0)
      columnize (~> 0.3)
      debugger-linecache (~> 1.2)
    coderay (1.1.0)
    columnize (0.8.9)
    debugger-linecache (1.2.0)
    ffi (1.9.5)
    hashie (3.3.1)
    httparty (0.13.1)
      json (~> 1.8)
      multi_xml (>= 0.5.2)
    i18n (0.6.11)
    json (1.8.1)
    method_source (0.8.2)
    minitest (5.4.2)
    multi_xml (0.5.5)
    mumble-ruby (1.1.2)
      activesupport
      hashie
      opus-ruby
      ruby_protobuf
      wavefile
    opus-ruby (1.0.1)
      ffi
    pry (0.9.12.6)
      coderay (~> 1.0)
      method_source (~> 0.8)
      slop (~> 3.4)
    pry-byebug (1.3.2)
      byebug (~> 2.7)
      pry (~> 0.9.12)
    rmagick (2.13.3)
    ruby_protobuf (0.4.11)
    slop (3.5.0)
    thread_safe (0.3.4)
    tzinfo (1.2.2)
      thread_safe (~> 0.1)
    wavefile (0.6.0)

PLATFORMS
  ruby

DEPENDENCIES
  httparty
  mumble-ruby
  pry-byebug
  rmagick
